GEM
  remote: https://rubygems.org/
  specs:
    addressable (2.5.1)
      public_suffix (~> 2.0, >= 2.0.2)
    asciidoctor (1.5.5)
    asciidoctor-bibtex (0.3.0)
      bibtex-ruby (~> 4)
      citeproc-ruby (~> 1)
      csl-styles (~> 1)
      latex-decode (~> 0.2)
    asciidoctor-diagram (1.4.0)
      asciidoctor (~> 1.5.0)
    asciidoctor-latex (1.5.0.17.dev)
      asciidoctor (~> 1.5, >= 1.5.2)
      htmlentities (~> 4.3)
      opal (~> 0.6.3)
    bibtex-ruby (4.4.3)
      latex-decode (~> 0.0)
    citeproc (1.0.5)
      namae (~> 0.8)
    citeproc-ruby (1.1.6)
      citeproc (>= 1.0.4, < 2.0)
      csl (~> 1.4)
    coderay (1.1.1)
    colorator (1.1.0)
    concurrent-ruby (1.0.5)
    csl (1.4.5)
      namae (~> 0.7)
    csl-styles (1.0.1.7)
      csl (~> 1.0)
    ffi (1.9.18)
    forwardable-extended (2.6.0)
    htmlentities (4.3.4)
    jekyll (3.4.0)
      addressable (~> 2.4)
      colorator (~> 1.0)
      jekyll-sass-converter (~> 1.0)
      jekyll-watch (~> 1.1)
      kramdown (~> 1.3)
      liquid (~> 3.0)
      mercenary (~> 0.3.3)
      pathutil (~> 0.9)
      rouge (~> 1.7)
      safe_yaml (~> 1.0)
    jekyll-asciidoc (2.1.0.dev)
      asciidoctor (>= 1.5.0)
      jekyll (>= 2.3.0)
    jekyll-feed (0.9.2)
      jekyll (~> 3.3)
    jekyll-sass-converter (1.5.0)
      sass (~> 3.4)
    jekyll-theme-cayman (0.0.4)
      jekyll (~> 3.3)
    jekyll-theme-primer (0.1.8)
      jekyll (~> 3.3)
    jekyll-watch (1.5.0)
      listen (~> 3.0, < 3.1)
    json (2.1.0)
    kramdown (1.13.2)
    latex-decode (0.2.2)
      unicode (~> 0.4)
    liquid (3.0.6)
    listen (3.0.8)
      rb-fsevent (~> 0.9, >= 0.9.4)
      rb-inotify (~> 0.9, >= 0.9.7)
    mercenary (0.3.6)
    minima (2.1.1)
      jekyll (~> 3.3)
    multi_json (1.12.1)
    namae (0.11.3)
    opal (0.6.3)
      source_map
      sprockets
    pathutil (0.14.0)
      forwardable-extended (~> 2.6)
    public_suffix (2.0.5)
    pygments.rb (1.1.2)
      multi_json (>= 1.0.0)
    rack (2.0.3)
    rake (10.5.0)
    rake-jekyll (1.1.0)
      rake (~> 10.0)
    rb-fsevent (0.9.8)
    rb-inotify (0.9.8)
      ffi (>= 0.5.0)
    rouge (1.11.1)
    safe_yaml (1.0.4)
    sass (3.4.23)
    source_map (3.0.1)
      json
    sprockets (3.7.1)
      concurrent-ruby (~> 1.0)
      rack (> 1, < 3)
    unicode (0.4.4.4)

PLATFORMS
  ruby

DEPENDENCIES
  asciidoctor-bibtex
  asciidoctor-diagram (~> 1.4.0)
  asciidoctor-latex
  coderay (~> 1.1.0)
  jekyll (= 3.4.0)
  jekyll-asciidoc (~> 2.1.0.dev)
  jekyll-feed (~> 0.6)
  jekyll-theme-cayman (~> 0.0.3)
  jekyll-theme-primer (~> 0.1.7)
  minima (~> 2.0)
  pygments.rb (~> 1.1.1)
  rake-jekyll (~> 1.1.0)
  tzinfo-data

RUBY VERSION
   ruby 2.4.1p111

BUNDLED WITH
   1.14.6
